PATH
  remote: production/__resources/gems/gems/limelight_rdoc-0.1.14
  specs:
    limelight_rdoc (0.1.14)
      rdoc
      statemachine

GEM
  remote: http://rubygems.org/
  specs:
    builder (3.0.0)
    cucumber (1.2.1)
      builder (>= 2.1.2)
      diff-lcs (>= 1.1.3)
      gherkin (~> 2.11.0)
      json (>= 1.4.6)
    diff-lcs (1.1.3)
    gherkin (2.11.1-java)
      json (>= 1.4.6)
    json (1.7.4-java)
    limelight (0.6.19-java)
    rake (0.9.2.2)
    rdoc (2.4.3)
    rspec (2.11.0)
      rspec-core (~> 2.11.0)
      rspec-expectations (~> 2.11.0)
      rspec-mocks (~> 2.11.0)
    rspec-core (2.11.1)
    rspec-expectations (2.11.2)
      diff-lcs (~> 1.1.3)
    rspec-mocks (2.11.2)
    statemachine (2.0.1)

PLATFORMS
  java

DEPENDENCIES
  cucumber
  limelight
  limelight_rdoc!
  rake
  rdoc (= 2.4.3)
  rspec (~> 2.0)
